GEM
  remote: https://rubygems.org/
  specs:
    amq-protocol (2.3.0)
    backports (3.15.0)
    bunny (2.14.2)
      amq-protocol (~> 2.3, >= 2.3.0)
    concurrent-ruby (1.1.5)
    connection_pool (2.2.2)
    minitest (5.11.3)
    multi_json (1.13.1)
    mustermann (1.0.3)
    nio4r (2.5.8)
    puma (4.3.9)
      nio4r (~> 2.0)
    rack (2.0.8)
    rack-protection (2.0.7)
      rack
    rack-test (1.1.0)
      rack (>= 1.0, < 3)
    rake (12.3.3)
    redis (4.1.2)
    serverengine (2.0.7)
      sigdump (~> 0.2.2)
    sigdump (0.2.4)
    sinatra (2.0.7)
      mustermann (~> 1.0)
      rack (~> 2.0)
      rack-protection (= 2.0.7)
      tilt (~> 2.0)
    sinatra-contrib (2.0.7)
      backports (>= 2.8.2)
      multi_json
      mustermann (~> 1.0)
      rack-protection (= 2.0.7)
      sinatra (= 2.0.7)
      tilt (~> 2.0)
    sneakers (2.11.0)
      bunny (~> 2.12)
      concurrent-ruby (~> 1.0)
      rake
      serverengine (~> 2.0.5)
      thor
    statsd-ruby (1.4.0)
    thor (0.20.3)
    tilt (2.0.9)

PLATFORMS
  ruby

DEPENDENCIES
  bunny (~> 2.14.2)
  connection_pool (~> 2.2.2)
  minitest
  puma (~> 4.3.9)
  rack (~> 2.0.8)
  rack-test (~> 1.1.0)
  redis (~> 4.1.2)
  sinatra (~> 2.0.7)
  sinatra-contrib (~> 2.0.7)
  sneakers (~> 2.11.0)
  statsd-ruby (~> 1.4.0)

BUNDLED WITH
   1.17.2
