GEM
  remote: https://rubygems.org/
  specs:
    amq-protocol (2.3.0)
    bunny (2.14.2)
      amq-protocol (~> 2.3, >= 2.3.0)
    concurrent-ruby (1.1.5)
    connection_pool (2.2.2)
    minitest (5.11.3)
    multi_json (1.15.0)
    mustermann (3.0.0)
      ruby2_keywords (~> 0.0.1)
    nio4r (2.5.2)
    puma (4.3.3)
      nio4r (~> 2.0)
    rack (2.2.4)
    rack-protection (3.0.4)
      rack
    rack-test (2.0.2)
      rack (>= 1.3)
    rake (12.3.3)
    redis (4.1.2)
    ruby2_keywords (0.0.5)
    serverengine (2.0.7)
      sigdump (~> 0.2.2)
    sigdump (0.2.4)
    sinatra (3.0.4)
      mustermann (~> 3.0)
      rack (~> 2.2, >= 2.2.4)
      rack-protection (= 3.0.4)
      tilt (~> 2.0)
    sinatra-contrib (3.0.4)
      multi_json
      mustermann (~> 3.0)
      rack-protection (= 3.0.4)
      sinatra (= 3.0.4)
      tilt (~> 2.0)
    sneakers (2.11.0)
      bunny (~> 2.12)
      concurrent-ruby (~> 1.0)
      rake
      serverengine (~> 2.0.5)
      thor
    statsd-ruby (1.4.0)
    thor (0.20.3)
    tilt (2.0.11)

PLATFORMS
  ruby

DEPENDENCIES
  bunny (~> 2.14.2)
  connection_pool (~> 2.2.2)
  minitest
  puma (~> 4.3.3)
  rack (~> 2.2.4)
  rack-test (~> 2.0.2)
  redis (~> 4.1.2)
  sinatra (~> 3.0.4)
  sinatra-contrib (~> 3.0.4)
  sneakers (~> 2.11.0)
  statsd-ruby (~> 1.4.0)

BUNDLED WITH
   1.17.2
